GEM
  remote: http://rubygems.org/
  specs:
    bitters (0.9.5)
      bourbon (>= 3.1)
      sass (>= 3.2)
      thor
    bourbon (3.1.1)
      sass (>= 3.2.0)
      thor
    neat (1.2.0)
      bourbon (>= 2.1)
      sass (>= 3.2)
    rack (1.4.1)
    rack-protection (1.2.0)
      rack
    sass (3.2.6)
    sinatra (1.3.0)
      rack (~> 1.3)
      rack-protection (~> 1.1)
      tilt (~> 1.3)
    thor (0.17.0)
    tilt (1.3.3)

PLATFORMS
  ruby

DEPENDENCIES
  bitters
  bourbon
  neat
  sass
  sinatra
